PATH
  remote: .
  specs:
    rubypoint (0.0.2)
      ftools
      hpricot (>= 0.8.1)
      rake
      xml-simple
      zipruby (>= 0.3.2)

GEM
  remote: https://rubygems.org/
  specs:
    columnize (0.3.6)
    debugger (1.6.5)
      columnize (>= 0.3.1)
      debugger-linecache (~> 1.2.0)
      debugger-ruby_core_source (~> 1.3.1)
    debugger-linecache (1.2.0)
    debugger-ruby_core_source (1.3.1)
    diff-lcs (1.2.5)
    ftools (0.0.0)
    hpricot (0.8.6)
    rake (10.1.1)
    rspec (2.14.1)
      rspec-core (~> 2.14.0)
      rspec-expectations (~> 2.14.0)
      rspec-mocks (~> 2.14.0)
    rspec-core (2.14.7)
    rspec-expectations (2.14.5)
      diff-lcs (>= 1.1.3, < 2.0)
    rspec-mocks (2.14.5)
    xml-simple (1.1.3)
    zipruby (0.3.6)

PLATFORMS
  ruby

DEPENDENCIES
  debugger
  rspec
  rubypoint!
