PATH
  remote: .
  specs:
    rubypoint (0.0.1)
      ftools
      hpricot (>= 0.8.1)
      zipruby (>= 0.3.2)

GEM
  remote: https://rubygems.org/
  specs:
    diff-lcs (1.2.5)
    ftools (0.0.0)
    hpricot (0.8.6)
    rspec (2.14.1)
      rspec-core (~> 2.14.0)
      rspec-expectations (~> 2.14.0)
      rspec-mocks (~> 2.14.0)
    rspec-core (2.14.7)
    rspec-expectations (2.14.5)
      diff-lcs (>= 1.1.3, < 2.0)
    rspec-mocks (2.14.5)
    zipruby (0.3.6)

PLATFORMS
  ruby

DEPENDENCIES
  rspec
  rubypoint!
